{
	"Modality": "MR",
	"MagneticFieldStrength": 3,
	"ImagingFrequency": 123.234,
	"Manufacturer": "Siemens",
	"ManufacturersModelName": "TrioTim",
	"InstitutionName": "South_China_Normal_University",
	"InstitutionalDepartmentName": "Department",
	"InstitutionAddress": "Street_StreetNo_Guangzhou(244e72)_District_CN_ZIP",
	"DeviceSerialNumber": "35464",
	"StationName": "MRC35464",
	"PatientPosition": "HFS",
	"ProcedureStepDescription": "SCNU_Ming_Meng",
	"SoftwareVersions": "syngo_MR_B17",
	"MRAcquisitionType": "2D",
	"SeriesDescription": "main_exp_1_178v",
	"ProtocolName": "main_exp_1_178v",
	"ScanningSequence": "EP",
	"SequenceVariant": "SK",
	"ScanOptions": "FS",
	"SequenceName": "_epfid2d1_64",
	"ImageType": ["ORIGINAL", "PRIMARY", "M", "ND", "MOSAIC"],
	"SeriesNumber": 6,
	"AcquisitionTime": "10:46:13.790000",
	"AcquisitionNumber": 1,
	"SliceThickness": 3,
	"SpacingBetweenSlices": 3.75,
	"SAR": 0.144602,
	"EchoTime": 0.03,
	"RepetitionTime": 2,
	"FlipAngle": 90,
	"PartialFourier": 1,
	"BaseResolution": 64,
	"ShimSetting": [
		-3405,
		-13674,
		4313,
		453,
		105,
		-301,
		176,
		-60	],
	"TxRefAmp": 344.985,
	"PhaseResolution": 1,
	"ReceiveCoilName": "HeadMatrix",
	"CoilString": "t:HEA;HEP",
	"PulseSequenceDetails": "%SiemensSeq%_ep2d_pace",
	"PercentPhaseFOV": 100,
	"PercentSampling": 100,
	"PhaseEncodingSteps": 64,
	"AcquisitionMatrixPE": 64,
	"ReconMatrixPE": 64,
	"BandwidthPerPixelPhaseEncode": 30.637,
	"EffectiveEchoSpacing": 0.000510004,
	"DerivedVendorReportedEchoSpacing": 0.000510004,
	"TotalReadoutTime": 0.0321303,
	"PixelBandwidth": 2232,
	"DwellTime": 3.5e-06,
	"PhaseEncodingDirection": "j-",
	"SliceTiming": [
		0.995,
		0,
		1.0575,
		0.0625,
		1.1175,
		0.125,
		1.18,
		0.1875,
		1.2425,
		0.25,
		1.305,
		0.31,
		1.3675,
		0.3725,
		1.43,
		0.435,
		1.49,
		0.4975,
		1.5525,
		0.56,
		1.615,
		0.6225,
		1.6775,
		0.6825,
		1.74,
		0.745,
		1.8025,
		0.8075,
		1.8625,
		0.87,
		1.925,
		0.9325	],
	"ImageOrientationPatientDICOM": [
		1,
		0,
		0,
		0,
		0.999962,
		-0.00872654	],
	"InPlanePhaseEncodingDirectionDICOM": "COL",
	"ConversionSoftware": "dcm2niix",
	"ConversionSoftwareVersion": "v1.0.20200331"
}
