{
	"Modality": "MR",
	"MagneticFieldStrength": 3,
	"ImagingFrequency": 123.234,
	"Manufacturer": "Siemens",
	"ManufacturersModelName": "TrioTim",
	"InstitutionName": "South_China_Normal_University",
	"InstitutionalDepartmentName": "Department",
	"InstitutionAddress": "Street_StreetNo_Guangzhou(244e72)_District_CN_ZIP",
	"DeviceSerialNumber": "35464",
	"StationName": "MRC35464",
	"PatientPosition": "HFS",
	"ProcedureStepDescription": "SCNU_Ming_Meng",
	"SoftwareVersions": "syngo_MR_B17",
	"MRAcquisitionType": "2D",
	"SeriesDescription": "main_exp_1_220v",
	"ProtocolName": "main_exp_1_220v",
	"ScanningSequence": "EP",
	"SequenceVariant": "SK",
	"ScanOptions": "FS",
	"SequenceName": "_epfid2d1_64",
	"ImageType": ["ORIGINAL", "PRIMARY", "M", "ND", "MOSAIC"],
	"SeriesNumber": 14,
	"AcquisitionTime": "11:59:28.827500",
	"AcquisitionNumber": 1,
	"SliceThickness": 3,
	"SpacingBetweenSlices": 3.75,
	"SAR": 0.19031,
	"EchoTime": 0.03,
	"RepetitionTime": 2,
	"FlipAngle": 90,
	"PartialFourier": 1,
	"BaseResolution": 64,
	"ShimSetting": [
		-3454,
		-13733,
		4500,
		622,
		-35,
		-491,
		-58,
		64	],
	"TxRefAmp": 349.829,
	"PhaseResolution": 1,
	"ReceiveCoilName": "HeadMatrix",
	"CoilString": "t:HEA;HEP",
	"PulseSequenceDetails": "%SiemensSeq%_ep2d_pace",
	"PercentPhaseFOV": 100,
	"PercentSampling": 100,
	"PhaseEncodingSteps": 64,
	"AcquisitionMatrixPE": 64,
	"ReconMatrixPE": 64,
	"BandwidthPerPixelPhaseEncode": 30.637,
	"EffectiveEchoSpacing": 0.000510004,
	"DerivedVendorReportedEchoSpacing": 0.000510004,
	"TotalReadoutTime": 0.0321303,
	"PixelBandwidth": 2232,
	"DwellTime": 3.5e-06,
	"PhaseEncodingDirection": "j-",
	"SliceTiming": [
		0.9925,
		0,
		1.055,
		0.06,
		1.1175,
		0.1225,
		1.18,
		0.185,
		1.2425,
		0.2475,
		1.3025,
		0.31,
		1.365,
		0.3725,
		1.4275,
		0.435,
		1.49,
		0.495,
		1.5525,
		0.5575,
		1.615,
		0.62,
		1.675,
		0.6825,
		1.7375,
		0.745,
		1.8,
		0.8075,
		1.8625,
		0.8675,
		1.925,
		0.93	],
	"ImageOrientationPatientDICOM": [
		1,
		0,
		0,
		0,
		0.992546,
		-0.121869	],
	"InPlanePhaseEncodingDirectionDICOM": "COL",
	"ConversionSoftware": "dcm2niix",
	"ConversionSoftwareVersion": "v1.0.20200331"
}
